GEM
  remote: https://rubygems.org/
  specs:
    byebug (4.0.5)
      columnize (= 0.9.0)
    columnize (0.9.0)
    serialport (1.3.1)
    thor (0.19.1)

PLATFORMS
  ruby

DEPENDENCIES
  byebug
  serialport
  thor
